GEM
  remote: https://rubygems.org/
  specs:
    chunky_png (1.4.0)
    pdf-core (0.9.0)
    prawn (2.4.0)
      pdf-core (~> 0.9.0)
      ttfunk (~> 1.7)
    prawn-qrcode (0.5.2)
      prawn (>= 1)
      rqrcode (>= 1.0.0)
    rqrcode (2.1.0)
      chunky_png (~> 1.0)
      rqrcode_core (~> 1.0)
    rqrcode_core (1.2.0)
    ttfunk (1.7.0)

PLATFORMS
  ruby

DEPENDENCIES
  prawn
  prawn-qrcode
  rqrcode

BUNDLED WITH
   2.1.4
